GEM
  remote: http://rubygems.org/
  specs:
    ansi (1.4.1)
    git (1.2.5)
    jeweler (1.8.3)
      bundler (~> 1.0)
      git (>= 1.2.5)
      rake
      rdoc
    json (1.6.5)
    rake (0.9.2.2)
    rdoc (3.12)
      json (~> 1.4)
    turn (0.8.2)
      ansi (>= 1.2.2)

PLATFORMS
  ruby

DEPENDENCIES
  bundler (~> 1.0.0)
  jeweler (~> 1.8.3)
  rdoc (~> 3.12)
  turn
